GEM
  remote: https://rubygems.org/
  specs:
    thor (1.1.0)
    zeitwerk (2.5.1)

PLATFORMS
  x86_64-darwin-20

DEPENDENCIES
  thor
  zeitwerk

BUNDLED WITH
   2.2.18
